GEM
  remote: https://rubygems.org/
  specs:
    benchmark-memory (0.1.2)
      memory_profiler (~> 0.9)
    creek (2.5.0)
      nokogiri (>= 1.10.0)
      rubyzip (>= 1.0.0)
    memory_profiler (0.9.14)
    mini_portile2 (2.4.0)
    nokogiri (1.10.8)
      mini_portile2 (~> 2.4.0)
    ox (2.13.2)
    roo (2.8.3)
      nokogiri (~> 1)
      rubyzip (>= 1.3.0, < 3.0.0)
    rubyXL (3.4.12)
      nokogiri (>= 1.4.4)
      rubyzip (>= 1.3.0)
    rubyzip (2.2.0)
    simple_xlsx_reader (1.0.4)
      nokogiri
      rubyzip
    xsv (0.3.1)
      ox (~> 2.13)
      rubyzip (~> 2.2)

PLATFORMS
  ruby

DEPENDENCIES
  benchmark-memory
  creek
  roo
  rubyXL
  simple_xlsx_reader
  xsv

RUBY VERSION
   ruby 2.7.0p0

BUNDLED WITH
   2.1.4
